PATH
  remote: .
  specs:
    yapo (0.1.0)
      pastel (~> 0.7.2)
      thor (~> 0.19.4)
      tty-command (~> 0.7.0)

GEM
  remote: https://rubygems.org/
  specs:
    diff-lcs (1.3)
    equatable (0.5.0)
    pastel (0.7.2)
      equatable (~> 0.5.0)
      tty-color (~> 0.4.0)
    rake (10.5.0)
    rspec (3.7.0)
      rspec-core (~> 3.7.0)
      rspec-expectations (~> 3.7.0)
      rspec-mocks (~> 3.7.0)
    rspec-core (3.7.1)
      rspec-support (~> 3.7.0)
    rspec-expectations (3.7.0)
      diff-lcs (>= 1.2.0, < 2.0)
      rspec-support (~> 3.7.0)
    rspec-mocks (3.7.0)
      diff-lcs (>= 1.2.0, < 2.0)
      rspec-support (~> 3.7.0)
    rspec-support (3.7.1)
    thor (0.19.4)
    tty-color (0.4.2)
    tty-command (0.7.0)
      pastel (~> 0.7.0)

PLATFORMS
  ruby

DEPENDENCIES
  bundler (~> 1.16)
  rake (~> 10.0)
  rspec (~> 3.0)
  yapo!

BUNDLED WITH
   1.16.1
